GEM
  remote: https://rubygems.org/
  specs:
    coderay (1.1.3)
    geokit (1.13.1)
    method_source (1.0.0)
    pry (0.14.1)
      coderay (~> 1.1)
      method_source (~> 1.0)
    smarter_csv (1.7.2)
    terminal-table (3.0.2)
      unicode-display_width (>= 1.1.1, < 3)
    unicode-display_width (2.3.0)

PLATFORMS
  x86_64-darwin-19

DEPENDENCIES
  geokit
  pry
  smarter_csv
  terminal-table

BUNDLED WITH
   2.3.21
